GEM
  remote: https://rubygems.org/
  specs:
    addressable (2.3.8)
    blankslate (2.1.2.4)
    classifier (1.3.4)
      fast-stemmer (>= 1.0.0)
    colorator (0.1)
    colored (1.2)
    commander (4.1.6)
      highline (~> 1.6.11)
    ethon (0.7.3)
      ffi (>= 1.3.0)
    fast-stemmer (1.0.2)
    fastimage (1.6.8)
      addressable (~> 2.3, >= 2.3.5)
    ffi (1.9.8)
    highline (1.6.21)
    html-proofer (2.1.0)
      addressable (~> 2.3)
      colored (~> 1.2)
      mercenary (~> 0.3.2)
      nokogiri (~> 1.5)
      parallel (~> 1.3)
      typhoeus (~> 0.7)
      yell (~> 2.0)
    jekyll (1.5.1)
      classifier (~> 1.3)
      colorator (~> 0.1)
      commander (~> 4.1.3)
      liquid (~> 2.5.5)
      listen (~> 1.3)
      maruku (= 0.7.0)
      pygments.rb (~> 0.5.0)
      redcarpet (~> 2.3.0)
      safe_yaml (~> 1.0)
      toml (~> 0.1.0)
    jekyll-multiple-languages-plugin (1.2.9)
    kramdown (1.6.0)
    liquid (2.5.5)
    listen (1.3.1)
      rb-fsevent (>= 0.9.3)
      rb-inotify (>= 0.9)
      rb-kqueue (>= 0.2)
    maruku (0.7.0)
    mercenary (0.3.5)
    mini_portile (0.6.2)
    nokogiri (1.6.6.2)
      mini_portile (~> 0.6.0)
    parallel (1.4.1)
    parslet (1.5.0)
      blankslate (~> 2.0)
    posix-spawn (0.3.10)
    puma (2.11.1)
      rack (>= 1.1, < 2.0)
    pygments.rb (0.5.4)
      posix-spawn (~> 0.3.6)
      yajl-ruby (~> 1.1.0)
    rack (1.5.2)
    rack-jekyll (0.4.1)
      jekyll (>= 0.12.0, < 2.0)
      rack (~> 1.5.0)
    rake (10.4.2)
    rb-fsevent (0.9.4)
    rb-inotify (0.9.5)
      ffi (>= 0.5.0)
    rb-kqueue (0.2.3)
      ffi (>= 0.5.0)
    redcarpet (2.3.0)
    safe_yaml (1.0.4)
    toml (0.1.2)
      parslet (~> 1.5.0)
    typhoeus (0.7.1)
      ethon (>= 0.7.1)
    yajl-ruby (1.1.0)
    yell (2.0.5)

PLATFORMS
  ruby

DEPENDENCIES
  bundler
  fastimage
  html-proofer
  jekyll
  jekyll-multiple-languages-plugin
  kramdown
  puma
  rack-jekyll (~> 0.4.1)
  rake
